GEM
  remote: https://rubygems.org/
  specs:
    activemodel (3.2.13)
      activesupport (= 3.2.13)
      builder (~> 3.0.0)
    activerecord (3.2.13)
      activemodel (= 3.2.13)
      activesupport (= 3.2.13)
      arel (~> 3.0.2)
      tzinfo (~> 0.3.29)
    activesupport (3.2.13)
      i18n (= 0.6.1)
      multi_json (~> 1.0)
    arel (3.0.2)
    aws (2.9.1)
      http_connection
      uuidtools
      xml-simple
    bitclust-core (0.8.0)
      progressbar
      rack
    builder (3.0.4)
    dotenv (0.9.0)
    http_connection (1.4.4)
    i18n (0.6.1)
    multi_json (1.7.2)
    progressbar (0.21.0)
    rack (1.5.2)
    rake (10.0.4)
    sqlite3 (1.3.7)
    tzinfo (0.3.37)
    uuidtools (2.1.4)
    xml-simple (1.1.2)

PLATFORMS
  ruby

DEPENDENCIES
  activerecord (~> 3.2.13)
  aws
  bitclust-core
  dotenv
  rake (~> 10.0)
  sqlite3 (~> 1.3.7)
