GEM
  remote: https://rubygems.org/
  specs:
    activemodel (5.0.1)
      activesupport (= 5.0.1)
    activerecord (5.0.1)
      activemodel (= 5.0.1)
      activesupport (= 5.0.1)
      arel (~> 7.0)
    activesupport (5.0.1)
      concurrent-ruby (~> 1.0, >= 1.0.2)
      i18n (~> 0.7)
      minitest (~> 5.1)
      tzinfo (~> 1.1)
    arel (7.1.4)
    aws (2.10.2)
      http_connection
      uuidtools
      xml-simple
    bitclust-core (0.9.4)
      progressbar
      rack
    concurrent-ruby (1.0.4)
    dotenv (2.1.1)
    http_connection (1.4.4)
    i18n (0.7.0)
    minitest (5.10.1)
    progressbar (0.21.0)
    rack (2.0.1)
    rake (12.0.0)
    sqlite3 (1.3.13)
    thread_safe (0.3.5)
    tzinfo (1.2.2)
      thread_safe (~> 0.1)
    uuidtools (2.1.5)
    xml-simple (1.1.5)

PLATFORMS
  ruby

DEPENDENCIES
  activerecord
  aws
  bitclust-core
  dotenv
  progressbar (< 1.0)
  rake
  sqlite3

BUNDLED WITH
   1.13.7
