GIT
  remote: git://github.com/rurema/bitclust.git
  revision: 563a9c48a709bde3de640f6664a477b25d941859
  specs:
    bitclust-core (0.7.0)
      progressbar
      rack
    bitclust-dev (0.7.0)
      bitclust-core (= 0.7.0)
    refe2 (0.7.0)
      bitclust-core (= 0.7.0)

GEM
  remote: https://rubygems.org/
  specs:
    activemodel (3.2.13)
      activesupport (= 3.2.13)
      builder (~> 3.0.0)
    activerecord (3.2.13)
      activemodel (= 3.2.13)
      activesupport (= 3.2.13)
      arel (~> 3.0.2)
      tzinfo (~> 0.3.29)
    activesupport (3.2.13)
      i18n (= 0.6.1)
      multi_json (~> 1.0)
    arel (3.0.2)
    builder (3.0.4)
    columnize (0.3.6)
    debugger (1.5.0)
      columnize (>= 0.3.1)
      debugger-linecache (~> 1.2.0)
      debugger-ruby_core_source (~> 1.2.0)
    debugger-linecache (1.2.0)
    debugger-ruby_core_source (1.2.0)
    i18n (0.6.1)
    multi_json (1.7.2)
    progressbar (0.20.0)
    rack (1.5.2)
    rake (10.0.4)
    sqlite3 (1.3.7)
    tzinfo (0.3.37)

PLATFORMS
  ruby

DEPENDENCIES
  activerecord (~> 3.2.13)
  bitclust-core!
  bitclust-dev!
  debugger
  rake (~> 10.0)
  refe2!
  sqlite3 (~> 1.3.7)
